GEM
  remote: https://rubygems.org/
  specs:
    equatable (0.6.1)
    pastel (0.7.3)
      equatable (~> 0.6)
      tty-color (~> 0.5)
    sorbet (0.5.5453)
      sorbet-static (= 0.5.5453)
    sorbet-runtime (0.5.5450)
    sorbet-static (0.5.5453-universal-darwin-14)
    tty-color (0.5.1)
    tty-command (0.9.0)
      pastel (~> 0.7.0)

PLATFORMS
  ruby

DEPENDENCIES
  sorbet (~> 0.5.5453)
  sorbet-runtime (~> 0.5.5450)
  tty-command (~> 0.9.0)

BUNDLED WITH
   1.17.3
