GEM
  remote: https://rubygems.org/
  specs:
    sorbet (0.5.5453)
      sorbet-static (= 0.5.5453)
    sorbet-runtime (0.5.5450)
    sorbet-static (0.5.5453-universal-darwin-14)

PLATFORMS
  ruby

DEPENDENCIES
  sorbet
  sorbet-runtime

BUNDLED WITH
   2.1.4
